GEM
  remote: https://rubygems.org/
  specs:
    json (2.3.0)
    rack (2.0.8)

PLATFORMS
  ruby

DEPENDENCIES
  bundler
  json
  rack

BUNDLED WITH
   2.0.2
