GEM
  remote: https://rubygems.org/
  specs:
    json (2.2.0)
    mini_portile2 (2.4.0)
    nokogiri (1.10.5)
      mini_portile2 (~> 2.4.0)
    rack (2.0.7)

PLATFORMS
  ruby

DEPENDENCIES
  bundler
  json
  nokogiri
  rack

BUNDLED WITH
   2.0.2
